GEM
  remote: https://rubygems.org/
  specs:
    erubis (2.7.0)
    json_schema (0.13.0)
    prmd (0.11.11)
      erubis (~> 2.7)
      json_schema (~> 0.3, >= 0.3.1)
    rake (11.2.2)
    redcarpet (3.3.4)

PLATFORMS
  ruby

DEPENDENCIES
  prmd
  rake
  redcarpet

BUNDLED WITH
   1.11.2
